GEM
  remote: https://rubygems.org/
  specs:
    bacon (1.2.0)
    geokit (1.6.5)
      multi_json
    haml (4.0.3)
      tilt
    httparty (0.9.0)
      multi_json (~> 1.0)
      multi_xml
    json (1.7.6)
    multi_json (1.5.0)
    multi_xml (0.5.1)
    pg (0.14.1)
    rack (1.4.1)
    rack-protection (1.3.2)
      rack
    rack-ssl (1.3.2)
      rack
    rake (10.0.4)
    sequel (3.42.0)
    sinatra (1.3.3)
      rack (~> 1.3, >= 1.3.6)
      rack-protection (~> 1.2)
      tilt (~> 1.3, >= 1.3.3)
    sinatra-sequel (0.9.0)
      bacon
      sequel (>= 3.2.0)
      sinatra (>= 0.9.4)
    tilt (1.3.3)

PLATFORMS
  ruby

DEPENDENCIES
  geokit
  haml
  httparty
  json
  multi_json
  multi_xml
  pg
  rack-ssl
  rake
  sequel
  sinatra
  sinatra-sequel
